GEM
  remote: http://rubygems.org/
  specs:
    clipboard (1.0.5)
    diff-lcs (1.2.5)
    ffi (1.9.3)
    git (1.11.0)
      rchardet (~> 1.8)
    jeweler2 (2.0.9)
      git (>= 1.2.5)
    rake (10.3.2)
    rchardet (1.8.0)
    rspec (3.0.0)
      rspec-core (~> 3.0.0)
      rspec-expectations (~> 3.0.0)
      rspec-mocks (~> 3.0.0)
    rspec-core (3.0.0)
      rspec-support (~> 3.0.0)
    rspec-expectations (3.0.0)
      diff-lcs (>= 1.2.0, < 2.0)
      rspec-support (~> 3.0.0)
    rspec-mocks (3.0.0)
      rspec-support (~> 3.0.0)
    rspec-support (3.0.0)

PLATFORMS
  ruby

DEPENDENCIES
  clipboard (= 1.0.5)
  ffi (= 1.9.3)
  jeweler2
  rake
  rspec
